
type = string-attribute
name = HISTORY_NOTE
count = 6052
'[dglen@gollum.local: Wed Aug  1 13:46:04 2007] 3dbucket -prefix MNIa_N27_CA_EZ_PMaps /Users/dglen/spm5/toolbox/Anatomy/PMaps/AIPS_IP1.hdr /Users/dglen/spm5/toolbox/Anatomy/PMaps/AIPS_IP2.hdr /Users/dglen/spm5/toolbox/Anatomy/PMaps/Amygdala_CM.hdr /Users/dglen/spm5/toolbox/Anatomy/PMaps/Amygdala_LB.hdr /Users/dglen/spm5/toolbox/Anatomy/PMaps/Amygdala_SF.hdr /Users/dglen/spm5/toolbox/Anatomy/PMaps/Broca_44.hdr /Users/dglen/spm5/toolbox/Anatomy/PMaps/Broca_45.hdr /Users/dglen/spm5/toolbox/Anatomy/PMaps/Hippocampus_CA.hdr /Users/dglen/spm5/toolbox/Anatomy/PMaps/Hippocampus_EC.hdr /Users/dglen/spm5/toolbox/Anatomy/PMaps/Hippocampus_FD.hdr /Users/dglen/spm5/toolbox/Anatomy/PMaps/Hippocampus_HATA.hdr /Users/dglen/spm5/toolbox/Anatomy/PMaps/Hippocampus_SUB.hdr /Users/dglen/spm5/toolbox/Anatomy/PMaps/PAC_TE10.hdr /Users/dglen/spm5/toolbox/Anatomy/PMaps/PAC_TE11.hdr /Users/dglen/spm5/toolbox/Anatomy/PMaps/PAC_TE12.hdr /Users/dglen/spm5/toolbox/Anatomy/PMaps/PMC_4a.hdr /Users/dglen/spm5/toolbox/Anatomy/PMaps/PMC_4p.hdr /Users/dglen/spm5/toolbox/Anatomy/PMaps/PSC_1.hdr /Users/dglen/spm5/toolbox/Anatomy/PMaps/PSC_2.hdr /Users/dglen/spm5/toolbox/Anatomy/PMaps/PSC_3a.hdr /Users/dglen/spm5/toolbox/Anatomy/PMaps/PSC_3b.hdr /Users/dglen/spm5/toolbox/Anatomy/PMaps/SII_OP1.hdr /Users/dglen/spm5/toolbox/Anatomy/PMaps/SII_OP2.hdr /Users/dglen/spm5/toolbox/Anatomy/PMaps/SII_OP3.hdr /Users/dglen/spm5/toolbox/Anatomy/PMaps/SII_OP4.hdr /Users/dglen/spm5/toolbox/Anatomy/PMaps/premotor_6.hdr /Users/dglen/spm5/toolbox/Anatomy/PMaps/visual_V1.hdr /Users/dglen/spm5/toolbox/Anatomy/PMaps/visual_V2.hdr /Users/dglen/spm5/toolbox/Anatomy/PMaps/visual_V5.hdr\n[dglen@gollum.local: Wed Aug  1 13:46:09 2007] 3drefit -sublabel 0 AIPS_IP1 MNIa_N27_CA_EZ_PMaps+tlrc\n[dglen@gollum.local: Wed Aug  1 13:46:09 2007] 3drefit -sublabel 1 AIPS_IP2 MNIa_N27_CA_EZ_PMaps+tlrc\n[dglen@gollum.local: Wed Aug  1 13:46:09 2007] 3drefit -sublabel 2 Amygdala_CM MNIa_N27_CA_EZ_PMaps+tlrc\n[dglen@gollum.local: Wed Aug  1 13:46:09 2007] 3drefit -sublabel 3 Amygdala_LB MNIa_N27_CA_EZ_PMaps+tlrc\n[dglen@gollum.local: Wed Aug  1 13:46:09 2007] 3drefit -sublabel 4 Amygdala_SF MNIa_N27_CA_EZ_PMaps+tlrc\n[dglen@gollum.local: Wed Aug  1 13:46:09 2007] 3drefit -sublabel 5 Broca_44 MNIa_N27_CA_EZ_PMaps+tlrc\n[dglen@gollum.local: Wed Aug  1 13:46:09 2007] 3drefit -sublabel 6 Broca_45 MNIa_N27_CA_EZ_PMaps+tlrc\n[dglen@gollum.local: Wed Aug  1 13:46:09 2007] 3drefit -sublabel 7 Hippocampus_CA MNIa_N27_CA_EZ_PMaps+tlrc\n[dglen@gollum.local: Wed Aug  1 13:46:09 2007] 3drefit -sublabel 8 Hippocampus_EC MNIa_N27_CA_EZ_PMaps+tlrc\n[dglen@gollum.local: Wed Aug  1 13:46:09 2007] 3drefit -sublabel 9 Hippocampus_FD MNIa_N27_CA_EZ_PMaps+tlrc\n[dglen@gollum.local: Wed Aug  1 13:46:09 2007] 3drefit -sublabel 10 Hippocampus_HATA MNIa_N27_CA_EZ_PMaps+tlrc\n[dglen@gollum.local: Wed Aug  1 13:46:10 2007] 3drefit -sublabel 11 Hippocampus_SUB MNIa_N27_CA_EZ_PMaps+tlrc\n[dglen@gollum.local: Wed Aug  1 13:46:10 2007] 3drefit -sublabel 12 PAC_TE10 MNIa_N27_CA_EZ_PMaps+tlrc\n[dglen@gollum.local: Wed Aug  1 13:46:10 2007] 3drefit -sublabel 13 PAC_TE11 MNIa_N27_CA_EZ_PMaps+tlrc\n[dglen@gollum.local: Wed Aug  1 13:46:10 2007] 3drefit -sublabel 14 PAC_TE12 MNIa_N27_CA_EZ_PMaps+tlrc\n[dglen@gollum.local: Wed Aug  1 13:46:10 2007] 3drefit -sublabel 15 PMC_4a MNIa_N27_CA_EZ_PMaps+tlrc\n[dglen@gollum.local: Wed Aug  1 13:46:10 2007] 3drefit -sublabel 16 PMC_4p MNIa_N27_CA_EZ_PMaps+tlrc\n[dglen@gollum.local: Wed Aug  1 13:46:10 2007] 3drefit -sublabel 17 PSC_1 MNIa_N27_CA_EZ_PMaps+tlrc\n[dglen@gollum.local: Wed Aug  1 13:46:10 2007] 3drefit -sublabel 18 PSC_2 MNIa_N27_CA_EZ_PMaps+tlrc\n[dglen@gollum.local: Wed Aug  1 13:46:10 2007] 3drefit -sublabel 19 PSC_3a MNIa_N27_CA_EZ_PMaps+tlrc\n[dglen@gollum.local: Wed Aug  1 13:46:10 2007] 3drefit -sublabel 20 PSC_3b MNIa_N27_CA_EZ_PMaps+tlrc\n[dglen@gollum.local: Wed Aug  1 13:46:11 2007] 3drefit -sublabel 21 SII_OP1 MNIa_N27_CA_EZ_PMaps+tlrc\n[dglen@gollum.local: Wed Aug  1 13:46:11 2007] 3drefit -sublabel 22 SII_OP2 MNIa_N27_CA_EZ_PMaps+tlrc\n[dglen@gollum.local: Wed Aug  1 13:46:11 2007] 3drefit -sublabel 23 SII_OP3 MNIa_N27_CA_EZ_PMaps+tlrc\n[dglen@gollum.local: Wed Aug  1 13:46:11 2007] 3drefit -sublabel 24 SII_OP4 MNIa_N27_CA_EZ_PMaps+tlrc\n[dglen@gollum.local: Wed Aug  1 13:46:11 2007] 3drefit -sublabel 25 premotor_6 MNIa_N27_CA_EZ_PMaps+tlrc\n[dglen@gollum.local: Wed Aug  1 13:46:11 2007] 3drefit -sublabel 26 visual_V1 MNIa_N27_CA_EZ_PMaps+tlrc\n[dglen@gollum.local: Wed Aug  1 13:46:11 2007] 3drefit -sublabel 27 visual_V2 MNIa_N27_CA_EZ_PMaps+tlrc\n[dglen@gollum.local: Wed Aug  1 13:46:11 2007] 3drefit -sublabel 28 visual_V5 MNIa_N27_CA_EZ_PMaps+tlrc\n[dglen@gollum.local: Wed Aug  1 13:46:12 2007] 3dcopy ./MNIa_N27_CA_EZ_PMaps+tlrc MNI_N27_CA_EZ_PMaps\n[dglen@gollum.local: Wed Aug  1 13:46:15 2007] 3drefit -dxorigin 0.000000 -dyorigin -4.000000 -dzorigin -5.000000 MNI_N27_CA_EZ_PMaps+tlrc\n[dglen@gollum.local: Wed Aug  1 13:46:15 2007] @Shift_Volume -MNI_Anat_to_MNI -dset MNIa_N27_CA_EZ_PMaps+tlrc -prefix MNI_N27_CA_EZ_PMaps\n[dglen@gollum.local: Wed Aug  1 13:46:15 2007] adwarp.c -resam NN -force -apar /Users/dglen/afni/src/ZILLES_N27_ATLASES/N27/TT_N27+tlrc.HEAD -dpar MNI_N27_CA_EZ_PMaps+tlrc -prefix TT_N27_CA_EZ_PMaps\n[dglen@ndsl-lfmi-kocha.nih.gov: Thu Sep  9 14:00:34 2010] 3drefit -space TLRC /Users/dglen/abin/TT_EPI+tlrc.HEAD /Users/dglen/abin/TT_N27+tlrc.HEAD /Users/dglen/abin/TT_N27_CA_EZ_MPM+tlrc.HEAD /Users/dglen/abin/TT_N27_CA_EZ_PMaps+tlrc.HEAD /Users/dglen/abin/TT_N27_EZ_LR+tlrc.HEAD /Users/dglen/abin/TT_N27_EZ_ML+tlrc.HEAD /Users/dglen/abin/TT_avg152T1+tlrc.HEAD /Users/dglen/abin/TT_avg152T2+tlrc.HEAD /Users/dglen/abin/TT_icbm452+tlrc.HEAD /Users/dglen/abin/TTatlas+tlrc.HEAD\n[dglen@ndsl-lfmi-kocha.nih.gov: Thu Sep  9 18:14:56 2010] 3drefit -cmap INT_CMAP TTatlas+tlrc. TT_N27_CA_EZ_MPM+tlrc.HEAD TT_N27_CA_EZ_PMaps+tlrc.HEAD TT_N27_EZ_LR+tlrc.HEAD TT_N27_EZ_ML+tlrc.HEAD\n[dglen@ndsl-lfmi-kocha.nih.gov: Thu Sep  9 18:15:40 2010] 3drefit -cmap CONT_CMAP TT_N27_CA_EZ_PMaps+tlrc.~

type = string-attribute
name = TYPESTRING
count = 15
'3DIM_HEAD_ANAT~

type = string-attribute
name = IDCODE_STRING
count = 27
'XYZ_GonFG14IEs-8jVZw3Dll4w~

type = string-attribute
name = IDCODE_DATE
count = 25
'Wed Aug  1 13:46:15 2007~

type = string-attribute
name = IDCODE_ANAT_PARENT
count = 27
'XYZ_LM8H12QhqLrjFgOCSiCEVg~

type = string-attribute
name = IDCODE_WARP_PARENT
count = 27
'XYZ_-9sWVfimw2A2UZUbDRdUgg~

type = integer-attribute
name = SCENE_DATA
count = 8
 2 11 0 -999 -999
 -999 -999 -999

type = string-attribute
name = LABEL_1
count = 5
'zyxt~

type = string-attribute
name = LABEL_2
count = 5
'zyxt~

type = string-attribute
name = DATASET_NAME
count = 20
'zyxt@Talairach View~

type = integer-attribute
name = ORIENT_SPECIFIC
count = 3
 0 3 4

type  = float-attribute
name  = ORIGIN
count = 3
            -80            -80            -65

type  = float-attribute
name  = DELTA
count = 3
              1              1              1

type  = float-attribute
name  = IJK_TO_DICOM
count = 12
              1              0              0            -80              0
              1              0            -80              0              0
              1            -65

type  = float-attribute
name  = IJK_TO_DICOM_REAL
count = 12
              1              0              0            -80              0
              1              0            -80              0              0
              1            -65

type = integer-attribute
name = WARP_TYPE
count = 8
 1 0 -999 -999 -999
 -999 -999 -999

type  = float-attribute
name  = WARP_DATA
count = 360
      0.9444444              0              0              0      0.9976303
     0.06880209              0    -0.05989829      0.8685252       1.058824
             -0              0             -0      0.9976304    -0.07902943
             -0      0.0688021       1.145927              0      -3.405704
      -4.103033             -0       3.073374       4.936095          -9999
          -9999              0              0              0         9999.9
      0.9315069              0              0              0      0.9976303
     0.06880209              0    -0.05989829      0.8685252       1.073529
             -0              0             -0      0.9976304    -0.07902943
             -0      0.0688021       1.145927              0      -3.405704
      -4.103033             -0       3.073373       4.936095              0
          -9999              0         9999.9              0         9999.9
      0.9444444              0              0              0      0.8154033
     0.05623471              0    -0.05989829      0.8685252       1.058824
             -0              0             -0       1.220582    -0.07902944
             -0     0.08417805       1.145927              0      -2.783618
      -4.103033             -0       3.073373       4.936095          -9999
              0              0              0             23         9999.9
      0.9315069              0              0              0      0.8154033
     0.05623471              0    -0.05989829      0.8685252       1.073529
             -0              0             -0       1.220582    -0.07902943
             -0     0.08417805       1.145927              0      -2.783618
      -4.103033             -0       3.073373       4.936095              0
              0              0         9999.9             23         9999.9
      0.9444444              0              0              0      0.9511568
     0.06559702              0    -0.05989829      0.8685252       1.058824
             -0              0             -0       1.046375    -0.07902944
             -0     0.07216377       1.145927              0      0.5821307
      -4.103033             -0     -0.9333872       4.659767          -9999
             23              0              0           9999         9999.9
      0.9315069              0              0              0      0.9511568
     0.06559702              0    -0.05989829      0.8685252       1.073529
             -0              0             -0       1.046375    -0.07902943
             -0     0.07216376       1.145927              0      0.5821307
      -4.103033             -0     -0.9333871       4.659767              0
             23              0         9999.9           9999         9999.9
      0.9444444              0              0              0      0.9976303
     0.06880209              0    -0.06148272      0.8914994       1.058824
             -0              0             -0      0.9976304    -0.07699282
             -0      0.0688021       1.116396              0      -3.405704
      -4.211566             -0       3.073374       4.936095          -9999
          -9999          -9999              0              0              0
      0.9315069              0              0              0      0.9976303
     0.06880209              0    -0.06148272      0.8914994       1.073529
             -0              0             -0      0.9976304    -0.07699282
             -0      0.0688021       1.116396              0      -3.405704
      -4.211566             -0       3.073374       4.936094              0
          -9999          -9999         9999.9              0              0
      0.9444444              0              0              0      0.8154033
     0.05623471              0    -0.06148272      0.8914994       1.058823
             -0              0             -0       1.220582    -0.07699282
             -0     0.08417805       1.116396              0      -2.783618
      -4.211566             -0       3.073372       4.936094          -9999
              0          -9999              0             23              0
      0.9315069              0              0              0      0.8154033
     0.05623471              0    -0.06148272      0.8914994       1.073529
             -0              0             -0       1.220582    -0.07699282
             -0     0.08417805       1.116396              0      -2.783618
      -4.211566             -0       3.073372       4.936094              0
              0          -9999         9999.9             23              0
      0.9444444              0              0              0      0.9511568
     0.06559702              0    -0.06148272      0.8914994       1.058824
             -0              0             -0       1.046375    -0.07699282
             -0     0.07216378       1.116396              0      0.5821307
      -4.211566             -0     -0.9333872       4.659767          -9999
             23          -9999              0           9999              0
      0.9315069              0              0              0      0.9511568
     0.06559702              0    -0.06148272      0.8914994       1.073529
             -0              0             -0       1.046375    -0.07699282
             -0     0.07216377       1.116396              0      0.5821307
      -4.211566             -0     -0.9333872       4.659767              0
             23          -9999         9999.9           9999              0

type  = float-attribute
name  = BRICK_STATS
count = 58
              0            175              0            175              0
            250              0            250              0            250
              0            225              0            250              0
            250              0            250              0            250
              0            125              0            250              0
            250              0            250              0            225
              0            225              0            225              0
            250              0            250              0            250
              0            250              0            225              0
            250              0            250              0            250
              0            250              0            250              0
            250              0            175

type = integer-attribute
name = DATASET_RANK
count = 8
 3 29 0 0 0
 0 0 0

type = integer-attribute
name = DATASET_DIMENSIONS
count = 5
 161 191 151 0 0

type = integer-attribute
name = BRICK_TYPES
count = 29
 0 0 0 0 0
 0 0 0 0 0
 0 0 0 0 0
 0 0 0 0 0
 0 0 0 0 0
 0 0 0 0

type  = float-attribute
name  = BRICK_FLOAT_FACS
count = 29
              0              0              0              0              0
              0              0              0              0              0
              0              0              0              0              0
              0              0              0              0              0
              0              0              0              0              0
              0              0              0              0

type = string-attribute
name = BRICK_LABS
count = 290
'AIPS_IP1~AIPS_IP2~Amygdala_CM~Amygdala_LB~Amygdala_SF~Broca_44~Broca_45~Hippocampus_CA~Hippocampus_EC~Hippocampus_FD~Hippocampus_HATA~Hippocampus_SUB~PAC_TE10~PAC_TE11~PAC_TE12~PMC_4a~PMC_4p~PSC_1~PSC_2~PSC_3a~PSC_3b~SII_OP1~SII_OP2~SII_OP3~SII_OP4~premotor_6~visual_V1~visual_V2~visual_V5~

type = string-attribute
name = BRICK_KEYWORDS
count = 638
'AIPS_IP1.hdr+tlrc[0]~AIPS_IP2.hdr+tlrc[0]~Amygdala_CM.hdr+tlrc[0]~Amygdala_LB.hdr+tlrc[0]~Amygdala_SF.hdr+tlrc[0]~Broca_44.hdr+tlrc[0]~Broca_45.hdr+tlrc[0]~Hippocampus_CA.hdr+tlrc[0]~Hippocampus_EC.hdr+tlrc[0]~Hippocampus_FD.hdr+tlrc[0]~Hippocampus_HATA.hdr+tlrc[0]~Hippocampus_SUB.hdr+tlrc[0]~PAC_TE10.hdr+tlrc[0]~PAC_TE11.hdr+tlrc[0]~PAC_TE12.hdr+tlrc[0]~PMC_4a.hdr+tlrc[0]~PMC_4p.hdr+tlrc[0]~PSC_1.hdr+tlrc[0]~PSC_2.hdr+tlrc[0]~PSC_3a.hdr+tlrc[0]~PSC_3b.hdr+tlrc[0]~SII_OP1.hdr+tlrc[0]~SII_OP2.hdr+tlrc[0]~SII_OP3.hdr+tlrc[0]~SII_OP4.hdr+tlrc[0]~premotor_6.hdr+tlrc[0]~visual_V1.hdr+tlrc[0]~visual_V2.hdr+tlrc[0]~visual_V5.hdr+tlrc[0]~

type = string-attribute
name = BYTEORDER_STRING
count = 10
'MSB_FIRST~

type = integer-attribute
name = NOTES_COUNT
count = 1
 2

type = string-attribute
name = NOTE_NUMBER_001
count = 82
'TT_N27_CA_EZ_PMaps+tlrc contains the Maximum Probability maps in AFNI TLRC Space.~

type = string-attribute
name = NOTE_DATE_001
count = 25
'Wed Aug  1 13:46:18 2007~

type = string-attribute
name = NOTE_NUMBER_002
count = 1882
'ANATOMY TOOLBOX \n Version 1.5 \n written by: \n Simon Eickhoff (s.eickhoff@fz-juelich.de) \n Institut for Medicine (IME) Research Center Juelich\n Phone + 49 2461-61-5219 / Fax + 49 2461-61-2820 \n References:\n Eickhoff SB et al.: A new SPM toolbox for combining probabilistic\n cytoarchitectonic maps and functional imaging data. (2005)\n NeuroImage 25 (4): 1325-1335\n Eickhoff SB et al.: Testing anatomically specified hypotheses in\n functional imaging using cytoarchitectonic maps. (2006)\n NeuroImage 32 (2): 570-82\n Eickhoff SB et al., Assignment of functional activations to\n probabilistic cytoarchitectonic areas revisited. (2007)\n NeuroImage 26 (3): 511-521\n Publications describing the included cytoarchitectonic maps:\n Auditory cortex TE 1.0, TE 1.1, TE 1.2---------------> Morosan et al., NeuroImage 2001\n Broca's area BA 44, BA 45----------------------------> Amunts et al., J Comp Neurol 1999\n Motor cortex BA 4a, BA 4p BA 6-----------------------> Geyer et al., Nature 1996\n -> S. Geyer, Springer press 2003\n Somatosensory cortex BA 3a, BA 3b, BA 1 BA 2---------> Geyer et al., NeuroImage, 1999, 2000\n -> Grefkes et al., NeuroImage 2001\n Parietal operculum / SII OP 1, OP 2, OP 3, OP 4------> Eickhoff et al., Cerebral Cortex 2006a,b\n Amygdala (CM/LB/SF) Hippocampus (FD/CA /SUB/EC/HATA)-> Amunts et al., Anat Embryol 2005 \n anterior intraparietal sulcus hIP1, hIP2-------------> Choi et al., J Comp Neurol 2006 \n Visual cortex BA 17, BA 18 hOC5----------------------> Amunts et al., NeuroImage 2000 \n -> Malikovic et al., Cerebral Cortex 2006\n Fiber tracts ar,cb,cing,ct,fom,iof,lgb,mb,mbg,or,slf,sof,uf -> Burgel et al., NeuroImage 1999, 2006\n All other areas may only be used with authors' permission ! \n \n \n AFNI adaptation by\n Ziad S. Saad (ziad@nih.gov, SSCC/NIMH/NIH)\n Info automatically created with CA_EZ_Prep.m based on se_note.m\n~

type = string-attribute
name = NOTE_DATE_002
count = 25
'Wed Aug  1 13:46:18 2007~

type = string-attribute
name = TEMPLATE_SPACE
count = 5
'TLRC~

type = integer-attribute
name = INT_CMAP
count = 1
 0
